GEM
  remote: https://rubygems.org/
  specs:
    mail (2.7.1)
      mini_mime (>= 0.1.1)
    mini_mime (1.1.2)

PLATFORMS
  x86_64-darwin-18

DEPENDENCIES
  mail

BUNDLED WITH
   2.3.22
